STORAGE: NONE
RESTRICTION: || (== net46) (== net462) (== net50) (== netcoreapp2.1) (== netstandard2.0) (== netstandard2.1)
NUGET
  remote: https://www.nuget.org/api/v2
    Castle.Core (4.4.1)
      NETStandard.Library (>= 1.6.1) - restriction: || (&& (== net46) (< net35)) (&& (== net462) (< net35)) (== net50) (== netcoreapp2.1) (== netstandard2.0) (== netstandard2.1)
      System.Collections.Specialized (>= 4.3) - restriction: || (&& (== net46) (< net35)) (&& (== net462) (< net35)) (== net50) (== netcoreapp2.1) (== netstandard2.0) (== netstandard2.1)
      System.ComponentModel (>= 4.3) - restriction: || (&& (== net46) (< net35)) (&& (== net462) (< net35)) (== net50) (== netcoreapp2.1) (== netstandard2.0) (== netstandard2.1)
      System.ComponentModel.TypeConverter (>= 4.3) - restriction: || (&& (== net46) (< net35)) (&& (== net462) (< net35)) (== net50) (== netcoreapp2.1) (== netstandard2.0) (== netstandard2.1)
      System.Diagnostics.TraceSource (>= 4.3) - restriction: || (&& (== net46) (< net35)) (&& (== net462) (< net35)) (== net50) (== netcoreapp2.1) (== netstandard2.0) (== netstandard2.1)
      System.Dynamic.Runtime (>= 4.3) - restriction: || (&& (== net46) (< net35)) (&& (== net462) (< net35)) (== net50) (== netcoreapp2.1) (== netstandard2.0) (== netstandard2.1)
      System.Reflection (>= 4.3) - restriction: || (&& (== net46) (< net35)) (&& (== net462) (< net35)) (== net50) (== netcoreapp2.1) (== netstandard2.0) (== netstandard2.1)
      System.Reflection.Emit (>= 4.3) - restriction: || (&& (== net46) (< net35)) (&& (== net462) (< net35)) (== net50) (== netcoreapp2.1) (== netstandard2.0) (== netstandard2.1)
      System.Reflection.TypeExtensions (>= 4.3) - restriction: || (&& (== net46) (< net35)) (&& (== net462) (< net35)) (== net50) (== netcoreapp2.1) (== netstandard2.0) (== netstandard2.1)
      System.Xml.XmlDocument (>= 4.3) - restriction: || (&& (== net46) (< net35)) (&& (== net462) (< net35)) (== net50) (== netcoreapp2.1) (== netstandard2.0) (== netstandard2.1)
    Microsoft.Bcl.AsyncInterfaces (5.0) - restriction: || (&& (== net46) (== net50)) (&& (== net46) (== netstandard2.1)) (&& (== net46) (>= net461)) (&& (== net46) (>= netcoreapp2.1)) (&& (== net46) (>= netstandard2.0)) (== net462) (&& (== net50) (>= net461)) (&& (== net50) (< netstandard2.1)) (== netcoreapp2.1) (== netstandard2.0) (&& (== netstandard2.1) (>= net461))
      System.Threading.Tasks.Extensions (>= 4.5.4) - restriction: || (&& (== net46) (>= net461)) (&& (== net46) (>= netstandard2.0)) (== net462) (&& (== net50) (>= net461)) (&& (== net50) (< netcoreapp2.1) (< netstandard2.1)) (&& (== netcoreapp2.1) (>= net461)) (== netstandard2.0) (&& (== netstandard2.1) (>= net461))
    Microsoft.CodeCoverage (16.9.4) - restriction: || (== net46) (== net462) (== net50) (== netcoreapp2.1) (&& (== netstandard2.0) (>= net45)) (&& (== netstandard2.0) (>= netcoreapp1.0)) (&& (== netstandard2.1) (>= net45)) (&& (== netstandard2.1) (>= netcoreapp1.0))
    Microsoft.Extensions.DependencyInjection (5.0.1)
      Microsoft.Bcl.AsyncInterfaces (>= 5.0) - restriction: || (&& (== net46) (>= net461)) (&& (== net46) (>= netcoreapp2.1)) (&& (== net46) (>= netstandard2.0)) (== net462) (&& (== net50) (>= net461)) (&& (== net50) (< netstandard2.1)) (== netcoreapp2.1) (== netstandard2.0) (&& (== netstandard2.1) (>= net461))
      Microsoft.Extensions.DependencyInjection.Abstractions (>= 5.0) - restriction: || (&& (== net46) (>= net461)) (&& (== net46) (>= netcoreapp2.1)) (&& (== net46) (>= netcoreapp3.0)) (&& (== net46) (>= netstandard2.0)) (&& (== net46) (>= netstandard2.1)) (== net462) (== net50) (== netcoreapp2.1) (== netstandard2.0) (== netstandard2.1)
      System.Threading.Tasks.Extensions (>= 4.5.4) - restriction: || (&& (== net46) (>= net461)) (&& (== net46) (>= netstandard2.0)) (== net462) (&& (== net50) (>= net461)) (&& (== net50) (< netcoreapp2.1) (< netstandard2.1)) (&& (== netcoreapp2.1) (>= net461)) (== netstandard2.0) (&& (== netstandard2.1) (>= net461))
    Microsoft.Extensions.DependencyInjection.Abstractions (5.0)
    Microsoft.Extensions.Logging (5.0)
      Microsoft.Extensions.DependencyInjection (>= 5.0) - restriction: || (&& (== net46) (>= net461)) (&& (== net46) (>= netstandard2.0)) (== net462) (== net50) (== netcoreapp2.1) (== netstandard2.0) (== netstandard2.1)
      Microsoft.Extensions.DependencyInjection.Abstractions (>= 5.0) - restriction: || (&& (== net46) (>= net461)) (&& (== net46) (>= netstandard2.0)) (== net462) (== net50) (== netcoreapp2.1) (== netstandard2.0) (== netstandard2.1)
      Microsoft.Extensions.Logging.Abstractions (>= 5.0) - restriction: || (&& (== net46) (>= net461)) (&& (== net46) (>= netstandard2.0)) (== net462) (== net50) (== netcoreapp2.1) (== netstandard2.0) (== netstandard2.1)
      Microsoft.Extensions.Options (>= 5.0) - restriction: || (&& (== net46) (>= net461)) (&& (== net46) (>= netstandard2.0)) (== net462) (== net50) (== netcoreapp2.1) (== netstandard2.0) (== netstandard2.1)
      System.Diagnostics.DiagnosticSource (>= 5.0) - restriction: || (&& (== net46) (>= net461)) (&& (== net46) (>= netstandard2.0)) (&& (== net46) (>= netstandard2.1)) (== net462) (&& (== net50) (>= net461)) (&& (== net50) (< netstandard2.1)) (== netcoreapp2.1) (== netstandard2.0) (== netstandard2.1)
      System.ValueTuple (>= 4.5) - restriction: || (&& (== net46) (>= net461)) (== net462) (&& (== net50) (>= net461)) (&& (== netcoreapp2.1) (>= net461)) (&& (== netstandard2.0) (>= net461)) (&& (== netstandard2.1) (>= net461))
    Microsoft.Extensions.Logging.Abstractions (5.0)
    Microsoft.Extensions.Options (5.0) - restriction: || (&& (== net46) (>= net461)) (&& (== net46) (>= netstandard2.0)) (== net462) (== net50) (== netcoreapp2.1) (== netstandard2.0) (== netstandard2.1)
      Microsoft.Extensions.DependencyInjection.Abstractions (>= 5.0) - restriction: || (&& (== net46) (>= net461)) (&& (== net46) (>= netstandard2.0)) (== net462) (== net50) (== netcoreapp2.1) (== netstandard2.0) (== netstandard2.1)
      Microsoft.Extensions.Primitives (>= 5.0) - restriction: || (&& (== net46) (>= net461)) (&& (== net46) (>= netstandard2.0)) (== net462) (== net50) (== netcoreapp2.1) (== netstandard2.0) (== netstandard2.1)
    Microsoft.Extensions.Primitives (5.0.1) - restriction: || (&& (== net46) (>= net461)) (&& (== net46) (>= netstandard2.0)) (== net462) (== net50) (== netcoreapp2.1) (== netstandard2.0) (== netstandard2.1)
      System.Buffers (>= 4.5.1) - restriction: || (&& (== net46) (>= monoandroid)) (&& (== net46) (>= monotouch)) (&& (== net46) (>= net461)) (&& (== net46) (>= netstandard2.0)) (&& (== net46) (>= xamarinios)) (&& (== net46) (>= xamarinmac)) (&& (== net46) (>= xamarintvos)) (&& (== net46) (>= xamarinwatchos)) (== net462) (&& (== net50) (>= monotouch)) (&& (== net50) (>= net461)) (&& (== net50) (< netcoreapp2.0)) (&& (== net50) (< netstandard2.0) (>= xamarintvos)) (&& (== net50) (< netstandard2.0) (>= xamarinwatchos)) (&& (== netcoreapp2.1) (>= monotouch)) (&& (== netcoreapp2.1) (>= net461)) (&& (== netcoreapp2.1) (< netcoreapp2.0)) (&& (== netcoreapp2.1) (< netstandard2.0) (>= xamarintvos)) (&& (== netcoreapp2.1) (< netstandard2.0) (>= xamarinwatchos)) (== netstandard2.0) (== netstandard2.1)
      System.Memory (>= 4.5.4) - restriction: || (&& (== net46) (>= net461)) (&& (== net46) (>= netcoreapp2.0)) (&& (== net46) (>= netstandard2.0)) (&& (== net46) (>= uap10.1)) (== net462) (&& (== net50) (>= net461)) (&& (== net50) (< netcoreapp2.0)) (&& (== net50) (< netcoreapp2.1)) (&& (== net50) (>= uap10.1)) (&& (== netcoreapp2.1) (>= net461)) (&& (== netcoreapp2.1) (< netcoreapp2.0)) (&& (== netcoreapp2.1) (>= uap10.1)) (== netstandard2.0) (== netstandard2.1)
      System.Runtime.CompilerServices.Unsafe (>= 5.0) - restriction: || (&& (== net46) (>= monoandroid)) (&& (== net46) (>= monotouch)) (&& (== net46) (>= net461)) (&& (== net46) (>= netcoreapp2.0)) (&& (== net46) (>= netcoreapp2.1)) (&& (== net46) (>= netcoreapp3.0)) (&& (== net46) (>= netstandard2.0)) (&& (== net46) (>= uap10.1)) (&& (== net46) (>= xamarinios)) (&& (== net46) (>= xamarinmac)) (&& (== net46) (>= xamarintvos)) (&& (== net46) (>= xamarinwatchos)) (== net462) (&& (== net50) (>= monotouch)) (&& (== net50) (>= net461)) (&& (== net50) (< netcoreapp2.0)) (&& (== net50) (< netcoreapp2.1)) (&& (== net50) (< netcoreapp3.0)) (&& (== net50) (< netstandard2.0) (>= xamarintvos)) (&& (== net50) (< netstandard2.0) (>= xamarinwatchos)) (&& (== net50) (>= uap10.1)) (== netcoreapp2.1) (== netstandard2.0) (== netstandard2.1)
    Microsoft.NET.Test.Sdk (16.9.4)
      Microsoft.CodeCoverage (>= 16.9.4) - restriction: || (== net46) (== net462) (== net50) (== netcoreapp2.1) (&& (== netstandard2.0) (>= net45)) (&& (== netstandard2.0) (>= netcoreapp1.0)) (&& (== netstandard2.1) (>= net45)) (&& (== netstandard2.1) (>= netcoreapp1.0))
      Microsoft.TestPlatform.TestHost (>= 16.9.4) - restriction: || (&& (== net46) (>= netcoreapp1.0)) (&& (== net462) (>= netcoreapp1.0)) (== net50) (== netcoreapp2.1) (&& (== netstandard2.0) (>= netcoreapp1.0)) (&& (== netstandard2.1) (>= netcoreapp1.0))
    Microsoft.NETCore.Platforms (5.0.2) - restriction: || (&& (== net46) (< net35)) (&& (== net462) (< net35)) (== net50) (== netcoreapp2.1) (== netstandard2.0) (== netstandard2.1)
    Microsoft.NETCore.Targets (2.1) - restriction: || (&& (== net46) (< net35)) (&& (== net462) (< net35)) (== net50) (== netcoreapp2.1) (== netstandard2.0) (== netstandard2.1)
    Microsoft.TestPlatform.ObjectModel (16.9.4) - restriction: || (&& (== net46) (>= netcoreapp1.0)) (&& (== net462) (>= netcoreapp1.0)) (== net50) (== netcoreapp2.1) (&& (== netstandard2.0) (>= netcoreapp1.0)) (&& (== netstandard2.1) (>= netcoreapp1.0))
      NuGet.Frameworks (>= 5.0)
      System.Reflection.Metadata (>= 1.6)
    Microsoft.TestPlatform.TestHost (16.9.4) - restriction: || (&& (== net46) (>= netcoreapp1.0)) (&& (== net462) (>= netcoreapp1.0)) (== net50) (== netcoreapp2.1) (&& (== netstandard2.0) (>= netcoreapp1.0)) (&& (== netstandard2.1) (>= netcoreapp1.0))
      Microsoft.TestPlatform.ObjectModel (>= 16.9.4) - restriction: || (&& (== net46) (>= netcoreapp1.0)) (&& (== net46) (>= uap10.0)) (&& (== net462) (>= netcoreapp1.0)) (&& (== net462) (>= uap10.0)) (== net50) (== netcoreapp2.1) (&& (== netstandard2.0) (>= netcoreapp1.0)) (&& (== netstandard2.0) (>= uap10.0)) (&& (== netstandard2.1) (>= netcoreapp1.0)) (&& (== netstandard2.1) (>= uap10.0))
      Newtonsoft.Json (>= 9.0.1) - restriction: || (&& (== net46) (>= netcoreapp1.0)) (&& (== net46) (>= uap10.0)) (&& (== net462) (>= netcoreapp1.0)) (&& (== net462) (>= uap10.0)) (== net50) (== netcoreapp2.1) (&& (== netstandard2.0) (>= netcoreapp1.0)) (&& (== netstandard2.0) (>= uap10.0)) (&& (== netstandard2.1) (>= netcoreapp1.0)) (&& (== netstandard2.1) (>= uap10.0))
    NETStandard.Library (2.0.3) - restriction: || (&& (== net46) (< net35)) (&& (== net462) (< net35)) (== net50) (== netcoreapp2.1) (== netstandard2.0) (== netstandard2.1)
      Microsoft.NETCore.Platforms (>= 1.1)
    Newtonsoft.Json (12.0.2) - restriction: || (&& (== net46) (>= netcoreapp1.0)) (&& (== net462) (>= netcoreapp1.0)) (== net50) (== netcoreapp2.1) (&& (== netstandard2.0) (>= netcoreapp1.0)) (&& (== netstandard2.1) (>= netcoreapp1.0))
    NuGet.Frameworks (5.9.1) - restriction: || (&& (== net46) (>= netcoreapp1.0)) (&& (== net462) (>= netcoreapp1.0)) (== net50) (== netcoreapp2.1) (&& (== netstandard2.0) (>= netcoreapp1.0)) (&& (== netstandard2.1) (>= netcoreapp1.0))
    runtime.native.System (4.3.1) - restriction: || (&& (== net46) (< net35)) (&& (== net462) (< net35)) (== net50) (== netcoreapp2.1) (== netstandard2.0) (== netstandard2.1)
      Microsoft.NETCore.Platforms (>= 1.1.1)
      Microsoft.NETCore.Targets (>= 1.1.3)
    System.Buffers (4.5.1) - restriction: || (&& (== net46) (== net50)) (&& (== net46) (== netcoreapp2.1)) (&& (== net46) (>= net461)) (&& (== net46) (>= netstandard2.0)) (&& (== net46) (>= xamarinios)) (&& (== net46) (>= xamarinmac)) (== net462) (&& (== net50) (>= monotouch)) (&& (== net50) (>= net461)) (&& (== net50) (< netcoreapp2.0)) (&& (== net50) (< netstandard2.0) (>= xamarintvos)) (&& (== net50) (< netstandard2.0) (>= xamarinwatchos)) (&& (== netcoreapp2.1) (>= monotouch)) (&& (== netcoreapp2.1) (>= net461)) (&& (== netcoreapp2.1) (< netcoreapp2.0)) (&& (== netcoreapp2.1) (< netstandard2.0) (>= xamarintvos)) (&& (== netcoreapp2.1) (< netstandard2.0) (>= xamarinwatchos)) (== netstandard2.0) (== netstandard2.1)
    System.Collections (4.3) - restriction: || (&& (== net46) (< net35)) (&& (== net462) (< net35)) (== net50) (== netcoreapp2.1) (== netstandard2.0) (== netstandard2.1)
      Microsoft.NETCore.Platforms (>= 1.1) - restriction: || (&& (== net46) (< net45)) (&& (== net462) (< net45)) (== net50) (== netcoreapp2.1) (== netstandard2.0) (== netstandard2.1)
      Microsoft.NETCore.Targets (>= 1.1) - restriction: || (&& (== net46) (< net45)) (&& (== net462) (< net45)) (== net50) (== netcoreapp2.1) (== netstandard2.0) (== netstandard2.1)
      System.Runtime (>= 4.3) - restriction: || (&& (== net46) (< net45)) (&& (== net462) (< net45)) (== net50) (== netcoreapp2.1) (== netstandard2.0) (== netstandard2.1)
    System.Collections.NonGeneric (4.3) - restriction: || (&& (== net46) (< net35)) (&& (== net462) (< net35)) (== net50) (== netcoreapp2.1) (== netstandard2.0) (== netstandard2.1)
      System.Diagnostics.Debug (>= 4.3) - restriction: || (&& (== net462) (< net46)) (== net50) (== netcoreapp2.1) (== netstandard2.0) (== netstandard2.1)
      System.Globalization (>= 4.3) - restriction: || (&& (== net462) (< net46)) (== net50) (== netcoreapp2.1) (== netstandard2.0) (== netstandard2.1)
      System.Resources.ResourceManager (>= 4.3) - restriction: || (&& (== net462) (< net46)) (== net50) (== netcoreapp2.1) (== netstandard2.0) (== netstandard2.1)
      System.Runtime (>= 4.3) - restriction: || (&& (== net462) (< net46)) (== net50) (== netcoreapp2.1) (== netstandard2.0) (== netstandard2.1)
      System.Runtime.Extensions (>= 4.3) - restriction: || (&& (== net462) (< net46)) (== net50) (== netcoreapp2.1) (== netstandard2.0) (== netstandard2.1)
      System.Threading (>= 4.3) - restriction: || (&& (== net462) (< net46)) (== net50) (== netcoreapp2.1) (== netstandard2.0) (== netstandard2.1)
    System.Collections.Specialized (4.3) - restriction: || (&& (== net46) (< net35)) (&& (== net462) (< net35)) (== net50) (== netcoreapp2.1) (== netstandard2.0) (== netstandard2.1)
      System.Collections.NonGeneric (>= 4.3) - restriction: || (&& (== net462) (< net46)) (== net50) (== netcoreapp2.1) (== netstandard2.0) (== netstandard2.1)
      System.Globalization (>= 4.3) - restriction: || (&& (== net462) (< net46)) (== net50) (== netcoreapp2.1) (== netstandard2.0) (== netstandard2.1)
      System.Globalization.Extensions (>= 4.3) - restriction: || (&& (== net462) (< net46)) (== net50) (== netcoreapp2.1) (== netstandard2.0) (== netstandard2.1)
      System.Resources.ResourceManager (>= 4.3) - restriction: || (&& (== net462) (< net46)) (== net50) (== netcoreapp2.1) (== netstandard2.0) (== netstandard2.1)
      System.Runtime (>= 4.3) - restriction: || (&& (== net462) (< net46)) (== net50) (== netcoreapp2.1) (== netstandard2.0) (== netstandard2.1)
      System.Runtime.Extensions (>= 4.3) - restriction: || (&& (== net462) (< net46)) (== net50) (== netcoreapp2.1) (== netstandard2.0) (== netstandard2.1)
      System.Threading (>= 4.3) - restriction: || (&& (== net462) (< net46)) (== net50) (== netcoreapp2.1) (== netstandard2.0) (== netstandard2.1)
    System.ComponentModel (4.3) - restriction: || (&& (== net46) (< net35)) (&& (== net462) (< net35)) (== net50) (== netcoreapp2.1) (== netstandard2.0) (== netstandard2.1)
      System.Runtime (>= 4.3) - restriction: || (&& (== net46) (< net45)) (&& (== net462) (< net45)) (== net50) (== netcoreapp2.1) (== netstandard2.0) (== netstandard2.1)
    System.ComponentModel.Primitives (4.3) - restriction: || (&& (== net46) (< net35)) (&& (== net46) (< netstandard1.0) (>= win8)) (&& (== net46) (>= wp8)) (&& (== net46) (>= wpa81)) (&& (== net462) (< net35)) (&& (== net462) (< netstandard1.0) (>= win8)) (&& (== net462) (>= wp8)) (&& (== net462) (>= wpa81)) (== net50) (== netcoreapp2.1) (== netstandard2.0) (== netstandard2.1)
      System.ComponentModel (>= 4.3) - restriction: || (&& (== net46) (< net45)) (&& (== net462) (< net45)) (== net50) (== netcoreapp2.1) (== netstandard2.0) (== netstandard2.1)
      System.Resources.ResourceManager (>= 4.3) - restriction: || (&& (== net46) (< net45)) (&& (== net462) (< net45)) (== net50) (== netcoreapp2.1) (== netstandard2.0) (== netstandard2.1)
      System.Runtime (>= 4.3) - restriction: || (&& (== net46) (< net45)) (&& (== net462) (< net45)) (== net50) (== netcoreapp2.1) (== netstandard2.0) (== netstandard2.1)
    System.ComponentModel.TypeConverter (4.3) - restriction: || (&& (== net46) (< net35)) (&& (== net462) (< net35)) (== net50) (== netcoreapp2.1) (== netstandard2.0) (== netstandard2.1)
      System.Collections (>= 4.3) - restriction: || (&& (== net46) (< net45)) (&& (== net462) (< net45)) (== net50) (== netcoreapp2.1) (== netstandard2.0) (== netstandard2.1)
      System.Collections.NonGeneric (>= 4.3) - restriction: || (&& (== net46) (< net45) (>= netstandard1.5)) (&& (== net46) (>= net462)) (== net462) (== net50) (== netcoreapp2.1) (== netstandard2.0) (== netstandard2.1)
      System.Collections.Specialized (>= 4.3) - restriction: || (&& (== net46) (< net45) (>= netstandard1.5)) (&& (== net462) (< net45)) (== net50) (== netcoreapp2.1) (== netstandard2.0) (== netstandard2.1)
      System.ComponentModel (>= 4.3) - restriction: || (&& (== net46) (< net45)) (&& (== net462) (< net45)) (== net50) (== netcoreapp2.1) (== netstandard2.0) (== netstandard2.1)
      System.ComponentModel.Primitives (>= 4.3)
      System.Globalization (>= 4.3) - restriction: || (&& (== net46) (< net45)) (&& (== net462) (< net45)) (== net50) (== netcoreapp2.1) (== netstandard2.0) (== netstandard2.1)
      System.Linq (>= 4.3) - restriction: || (&& (== net46) (< net45) (>= netstandard1.5)) (&& (== net462) (< net45)) (== net50) (== netcoreapp2.1) (== netstandard2.0) (== netstandard2.1)
      System.Reflection (>= 4.3) - restriction: || (&& (== net46) (< net45)) (&& (== net462) (< net45)) (== net50) (== netcoreapp2.1) (== netstandard2.0) (== netstandard2.1)
      System.Reflection.Extensions (>= 4.3) - restriction: || (&& (== net46) (< net45)) (&& (== net462) (< net45)) (== net50) (== netcoreapp2.1) (== netstandard2.0) (== netstandard2.1)
      System.Reflection.Primitives (>= 4.3) - restriction: || (&& (== net46) (< net45)) (&& (== net462) (< net45)) (== net50) (== netcoreapp2.1) (== netstandard2.0) (== netstandard2.1)
      System.Reflection.TypeExtensions (>= 4.3) - restriction: || (&& (== net46) (< net45) (>= netstandard1.5)) (&& (== net462) (< net45)) (== net50) (== netcoreapp2.1) (== netstandard2.0) (== netstandard2.1)
      System.Resources.ResourceManager (>= 4.3) - restriction: || (&& (== net46) (< net45)) (&& (== net462) (< net45)) (== net50) (== netcoreapp2.1) (== netstandard2.0) (== netstandard2.1)
      System.Runtime (>= 4.3) - restriction: || (&& (== net46) (< net45)) (&& (== net462) (< net45)) (== net50) (== netcoreapp2.1) (== netstandard2.0) (== netstandard2.1)
      System.Runtime.Extensions (>= 4.3) - restriction: || (&& (== net46) (< net45)) (&& (== net462) (< net45)) (== net50) (== netcoreapp2.1) (== netstandard2.0) (== netstandard2.1)
      System.Threading (>= 4.3) - restriction: || (&& (== net46) (< net45)) (&& (== net462) (< net45)) (== net50) (== netcoreapp2.1) (== netstandard2.0) (== netstandard2.1)
    System.Diagnostics.Debug (4.3) - restriction: || (&& (== net46) (< net35)) (&& (== net462) (< net35)) (== net50) (== netcoreapp2.1) (== netstandard2.0) (== netstandard2.1)
      Microsoft.NETCore.Platforms (>= 1.1) - restriction: || (&& (== net46) (< net45)) (&& (== net462) (< net45)) (== net50) (== netcoreapp2.1) (== netstandard2.0) (== netstandard2.1)
      Microsoft.NETCore.Targets (>= 1.1) - restriction: || (&& (== net46) (< net45)) (&& (== net462) (< net45)) (== net50) (== netcoreapp2.1) (== netstandard2.0) (== netstandard2.1)
      System.Runtime (>= 4.3) - restriction: || (&& (== net46) (< net45)) (&& (== net462) (< net45)) (== net50) (== netcoreapp2.1) (== netstandard2.0) (== netstandard2.1)
    System.Diagnostics.DiagnosticSource (5.0.1) - restriction: || (&& (== net46) (== net50)) (&& (== net46) (>= net461)) (&& (== net46) (>= netstandard2.0)) (&& (== net46) (>= netstandard2.1)) (== net462) (&& (== net50) (>= net461)) (&& (== net50) (< netstandard2.1)) (== netcoreapp2.1) (== netstandard2.0) (== netstandard2.1)
      System.Memory (>= 4.5.4) - restriction: || (== net46) (== net462) (&& (== net50) (>= net45) (< netstandard1.3)) (&& (== net50) (>= net46)) (&& (== net50) (< netcoreapp2.1)) (&& (== net50) (< netstandard2.0)) (&& (== net50) (>= uap10.1)) (&& (== netcoreapp2.1) (>= net45) (< netstandard1.3)) (&& (== netcoreapp2.1) (>= net46)) (&& (== netcoreapp2.1) (< netstandard2.0)) (&& (== netcoreapp2.1) (>= uap10.1)) (== netstandard2.0) (== netstandard2.1)
      System.Runtime.CompilerServices.Unsafe (>= 5.0) - restriction: || (== net46) (== net462) (&& (== net50) (>= monotouch)) (&& (== net50) (>= net45) (< netstandard1.3)) (&& (== net50) (>= net46)) (&& (== net50) (< netcoreapp2.1)) (&& (== net50) (< netcoreapp3.0)) (&& (== net50) (< netstandard2.0)) (&& (== net50) (>= uap10.1)) (== netcoreapp2.1) (== netstandard2.0) (== netstandard2.1)
    System.Diagnostics.TraceSource (4.3) - restriction: || (&& (== net46) (< net35)) (&& (== net462) (< net35)) (== net50) (== netcoreapp2.1) (== netstandard2.0) (== netstandard2.1)
      Microsoft.NETCore.Platforms (>= 1.1) - restriction: || (&& (== net462) (< net46)) (== net50) (== netcoreapp2.1) (== netstandard2.0) (== netstandard2.1)
      runtime.native.System (>= 4.3) - restriction: || (&& (== net462) (< net46)) (== net50) (== netcoreapp2.1) (== netstandard2.0) (== netstandard2.1)
      System.Collections (>= 4.3) - restriction: || (&& (== net462) (< net46)) (== net50) (== netcoreapp2.1) (== netstandard2.0) (== netstandard2.1)
      System.Diagnostics.Debug (>= 4.3) - restriction: || (&& (== net462) (< net46)) (== net50) (== netcoreapp2.1) (== netstandard2.0) (== netstandard2.1)
      System.Globalization (>= 4.3) - restriction: || (&& (== net462) (< net46)) (== net50) (== netcoreapp2.1) (== netstandard2.0) (== netstandard2.1)
      System.Resources.ResourceManager (>= 4.3) - restriction: || (&& (== net462) (< net46)) (== net50) (== netcoreapp2.1) (== netstandard2.0) (== netstandard2.1)
      System.Runtime (>= 4.3) - restriction: || (&& (== net462) (< net46)) (== net50) (== netcoreapp2.1) (== netstandard2.0) (== netstandard2.1)
      System.Runtime.Extensions (>= 4.3) - restriction: || (&& (== net462) (< net46)) (== net50) (== netcoreapp2.1) (== netstandard2.0) (== netstandard2.1)
      System.Threading (>= 4.3) - restriction: || (&& (== net462) (< net46)) (== net50) (== netcoreapp2.1) (== netstandard2.0) (== netstandard2.1)
    System.Dynamic.Runtime (4.3) - restriction: || (&& (== net46) (< net35)) (&& (== net462) (< net35)) (== net50) (== netcoreapp2.1) (== netstandard2.0) (== netstandard2.1)
      System.Collections (>= 4.3) - restriction: || (&& (== net46) (< net45)) (&& (== net462) (< net45)) (== net50) (== netcoreapp2.1) (== netstandard2.0) (== netstandard2.1)
      System.Diagnostics.Debug (>= 4.3) - restriction: || (&& (== net46) (< net45)) (&& (== net462) (< net45)) (== net50) (== netcoreapp2.1) (== netstandard2.0) (== netstandard2.1)
      System.Linq (>= 4.3) - restriction: || (&& (== net46) (< net45)) (&& (== net462) (< net45)) (== net50) (== netcoreapp2.1) (== netstandard2.0) (== netstandard2.1)
      System.Linq.Expressions (>= 4.3) - restriction: || (&& (== net46) (< net45)) (&& (== net462) (< net45)) (== net50) (== netcoreapp2.1) (== netstandard2.0) (== netstandard2.1)
      System.ObjectModel (>= 4.3) - restriction: || (&& (== net46) (< net45)) (&& (== net462) (< net45)) (== net50) (== netcoreapp2.1) (== netstandard2.0) (== netstandard2.1)
      System.Reflection (>= 4.3) - restriction: || (&& (== net46) (< net45)) (&& (== net462) (< net45)) (== net50) (== netcoreapp2.1) (== netstandard2.0) (== netstandard2.1)
      System.Reflection.Emit (>= 4.3) - restriction: || (&& (== net46) (< net45)) (&& (== net462) (< net45)) (== net50) (== netcoreapp2.1) (== netstandard2.0) (== netstandard2.1)
      System.Reflection.Emit.ILGeneration (>= 4.3) - restriction: || (&& (== net46) (< net45)) (&& (== net462) (< net45)) (== net50) (== netcoreapp2.1) (== netstandard2.0) (== netstandard2.1)
      System.Reflection.Primitives (>= 4.3) - restriction: || (&& (== net46) (< net45)) (&& (== net462) (< net45)) (== net50) (== netcoreapp2.1) (== netstandard2.0) (== netstandard2.1)
      System.Reflection.TypeExtensions (>= 4.3) - restriction: || (&& (== net46) (< net45)) (&& (== net462) (< net45)) (== net50) (== netcoreapp2.1) (== netstandard2.0) (== netstandard2.1)
      System.Resources.ResourceManager (>= 4.3) - restriction: || (&& (== net46) (< net45)) (&& (== net462) (< net45)) (== net50) (== netcoreapp2.1) (== netstandard2.0) (== netstandard2.1)
      System.Runtime (>= 4.3) - restriction: || (&& (== net46) (< net45)) (&& (== net462) (< net45)) (== net50) (== netcoreapp2.1) (== netstandard2.0) (== netstandard2.1)
      System.Runtime.Extensions (>= 4.3) - restriction: || (&& (== net46) (< net45)) (&& (== net462) (< net45)) (== net50) (== netcoreapp2.1) (== netstandard2.0) (== netstandard2.1)
      System.Threading (>= 4.3) - restriction: || (&& (== net46) (< net45)) (&& (== net462) (< net45)) (== net50) (== netcoreapp2.1) (== netstandard2.0) (== netstandard2.1)
    System.Globalization (4.3) - restriction: || (&& (== net46) (< net35)) (&& (== net462) (< net35)) (== net50) (== netcoreapp2.1) (== netstandard2.0) (== netstandard2.1)
      Microsoft.NETCore.Platforms (>= 1.1) - restriction: || (&& (== net46) (< net45)) (&& (== net462) (< net45)) (== net50) (== netcoreapp2.1) (== netstandard2.0) (== netstandard2.1)
      Microsoft.NETCore.Targets (>= 1.1) - restriction: || (&& (== net46) (< net45)) (&& (== net462) (< net45)) (== net50) (== netcoreapp2.1) (== netstandard2.0) (== netstandard2.1)
      System.Runtime (>= 4.3) - restriction: || (&& (== net46) (< net45)) (&& (== net462) (< net45)) (== net50) (== netcoreapp2.1) (== netstandard2.0) (== netstandard2.1)
    System.Globalization.Extensions (4.3) - restriction: || (&& (== net46) (< net35)) (&& (== net462) (< net35)) (== net50) (== netcoreapp2.1) (== netstandard2.0) (== netstandard2.1)
      Microsoft.NETCore.Platforms (>= 1.1) - restriction: || (&& (== net462) (< net46)) (== net50) (== netcoreapp2.1) (== netstandard2.0) (== netstandard2.1)
      System.Globalization (>= 4.3) - restriction: || (&& (== net462) (< net46)) (== net50) (== netcoreapp2.1) (== netstandard2.0) (== netstandard2.1)
      System.Resources.ResourceManager (>= 4.3) - restriction: || (&& (== net462) (< net46)) (== net50) (== netcoreapp2.1) (== netstandard2.0) (== netstandard2.1)
      System.Runtime (>= 4.3) - restriction: || (&& (== net462) (< net46)) (== net50) (== netcoreapp2.1) (== netstandard2.0) (== netstandard2.1)
      System.Runtime.Extensions (>= 4.3) - restriction: || (&& (== net462) (< net46)) (== net50) (== netcoreapp2.1) (== netstandard2.0) (== netstandard2.1)
      System.Runtime.InteropServices (>= 4.3) - restriction: || (&& (== net462) (< net46)) (== net50) (== netcoreapp2.1) (== netstandard2.0) (== netstandard2.1)
    System.Interactive (5.0)
    System.IO (4.3) - restriction: || (&& (== net46) (< net35)) (&& (== net462) (< net35)) (== net50) (== netcoreapp2.1) (== netstandard2.0) (== netstandard2.1)
      Microsoft.NETCore.Platforms (>= 1.1) - restriction: || (&& (== net46) (< net45)) (&& (== net462) (< net45)) (== net50) (== netcoreapp2.1) (== netstandard2.0) (== netstandard2.1)
      Microsoft.NETCore.Targets (>= 1.1) - restriction: || (&& (== net46) (< net45)) (&& (== net462) (< net45)) (== net50) (== netcoreapp2.1) (== netstandard2.0) (== netstandard2.1)
      System.Runtime (>= 4.3) - restriction: || (&& (== net46) (< net45)) (&& (== net462) (< net45)) (== net50) (== netcoreapp2.1) (== netstandard2.0) (== netstandard2.1)
      System.Text.Encoding (>= 4.3) - restriction: || (&& (== net46) (< net45)) (&& (== net462) (< net45)) (== net50) (== netcoreapp2.1) (== netstandard2.0) (== netstandard2.1)
      System.Threading.Tasks (>= 4.3) - restriction: || (&& (== net46) (< net45)) (&& (== net462) (< net45)) (== net50) (== netcoreapp2.1) (== netstandard2.0) (== netstandard2.1)
    System.IO.FileSystem (4.3) - restriction: || (&& (== net46) (< net35)) (&& (== net462) (< net35)) (== net50) (== netcoreapp2.1) (== netstandard2.0) (== netstandard2.1)
      Microsoft.NETCore.Platforms (>= 1.1) - restriction: || (&& (== net462) (< net46)) (== net50) (== netcoreapp2.1) (== netstandard2.0) (== netstandard2.1)
      Microsoft.NETCore.Targets (>= 1.1) - restriction: || (&& (== net462) (< net46)) (== net50) (== netcoreapp2.1) (== netstandard2.0) (== netstandard2.1)
      System.IO (>= 4.3) - restriction: || (&& (== net462) (< net46)) (== net50) (== netcoreapp2.1) (== netstandard2.0) (== netstandard2.1)
      System.IO.FileSystem.Primitives (>= 4.3)
      System.Runtime (>= 4.3) - restriction: || (&& (== net462) (< net46)) (== net50) (== netcoreapp2.1) (== netstandard2.0) (== netstandard2.1)
      System.Runtime.Handles (>= 4.3) - restriction: || (&& (== net462) (< net46)) (== net50) (== netcoreapp2.1) (== netstandard2.0) (== netstandard2.1)
      System.Text.Encoding (>= 4.3) - restriction: || (&& (== net462) (< net46)) (== net50) (== netcoreapp2.1) (== netstandard2.0) (== netstandard2.1)
      System.Threading.Tasks (>= 4.3) - restriction: || (&& (== net462) (< net46)) (== net50) (== netcoreapp2.1) (== netstandard2.0) (== netstandard2.1)
    System.IO.FileSystem.Primitives (4.3) - restriction: || (&& (== net46) (< net35)) (&& (== net462) (< net35)) (== net50) (== netcoreapp2.1) (== netstandard2.0) (== netstandard2.1)
      System.Runtime (>= 4.3) - restriction: || (&& (== net462) (< net46)) (== net50) (== netcoreapp2.1) (== netstandard2.0) (== netstandard2.1)
    System.Linq (4.3) - restriction: || (&& (== net46) (< net35) (>= netstandard1.5)) (&& (== net462) (< net35)) (== net50) (== netcoreapp2.1) (== netstandard2.0) (== netstandard2.1)
      System.Collections (>= 4.3) - restriction: || (&& (== net46) (< net45)) (&& (== net462) (< net45)) (== net50) (== netcoreapp2.1) (== netstandard2.0) (== netstandard2.1)
      System.Diagnostics.Debug (>= 4.3) - restriction: || (&& (== net46) (< net45) (>= netstandard1.6)) (&& (== net462) (< net45) (>= netstandard1.6)) (== net50) (== netcoreapp2.1) (== netstandard2.0) (== netstandard2.1)
      System.Resources.ResourceManager (>= 4.3) - restriction: || (&& (== net46) (< net45) (>= netstandard1.6)) (&& (== net462) (< net45) (>= netstandard1.6)) (== net50) (== netcoreapp2.1) (== netstandard2.0) (== netstandard2.1)
      System.Runtime (>= 4.3) - restriction: || (&& (== net46) (< net45)) (&& (== net462) (< net45)) (== net50) (== netcoreapp2.1) (== netstandard2.0) (== netstandard2.1)
      System.Runtime.Extensions (>= 4.3) - restriction: || (&& (== net46) (< net45) (>= netstandard1.6)) (&& (== net462) (< net45) (>= netstandard1.6)) (== net50) (== netcoreapp2.1) (== netstandard2.0) (== netstandard2.1)
    System.Linq.Expressions (4.3) - restriction: || (&& (== net46) (< net35)) (&& (== net462) (< net35)) (== net50) (== netcoreapp2.1) (== netstandard2.0) (== netstandard2.1)
      System.Collections (>= 4.3) - restriction: || (&& (== net46) (< net45) (>= netstandard1.6)) (&& (== net462) (< net45) (>= netstandard1.6)) (== net50) (== netcoreapp2.1) (== netstandard2.0) (== netstandard2.1)
      System.Diagnostics.Debug (>= 4.3) - restriction: || (&& (== net46) (< net45) (>= netstandard1.6)) (&& (== net462) (< net45) (>= netstandard1.6)) (== net50) (== netcoreapp2.1) (== netstandard2.0) (== netstandard2.1)
      System.Globalization (>= 4.3) - restriction: || (&& (== net46) (< net45) (>= netstandard1.6)) (&& (== net462) (< net45) (>= netstandard1.6)) (== net50) (== netcoreapp2.1) (== netstandard2.0) (== netstandard2.1)
      System.IO (>= 4.3) - restriction: || (&& (== net46) (< net45) (>= netstandard1.6)) (&& (== net462) (< net45) (>= netstandard1.6)) (== net50) (== netcoreapp2.1) (== netstandard2.0) (== netstandard2.1)
      System.Linq (>= 4.3) - restriction: || (&& (== net46) (< net45) (>= netstandard1.6)) (&& (== net462) (< net45) (>= netstandard1.6)) (== net50) (== netcoreapp2.1) (== netstandard2.0) (== netstandard2.1)
      System.ObjectModel (>= 4.3) - restriction: || (&& (== net46) (< net45) (>= netstandard1.6)) (&& (== net462) (< net45) (>= netstandard1.6)) (== net50) (== netcoreapp2.1) (== netstandard2.0) (== netstandard2.1)
      System.Reflection (>= 4.3) - restriction: || (&& (== net46) (< net45)) (&& (== net462) (< net45)) (== net50) (== netcoreapp2.1) (== netstandard2.0) (== netstandard2.1)
      System.Reflection.Emit (>= 4.3) - restriction: || (&& (== net46) (< net45) (>= netstandard1.6)) (&& (== net462) (< net45) (>= netstandard1.6)) (== net50) (== netcoreapp2.1) (== netstandard2.0) (== netstandard2.1)
      System.Reflection.Emit.ILGeneration (>= 4.3) - restriction: || (&& (== net46) (< net45) (>= netstandard1.6)) (&& (== net462) (< net45) (>= netstandard1.6)) (== net50) (== netcoreapp2.1) (== netstandard2.0) (== netstandard2.1)
      System.Reflection.Emit.Lightweight (>= 4.3) - restriction: || (&& (== net46) (< net45) (>= netstandard1.6)) (&& (== net462) (< net45) (>= netstandard1.6)) (== net50) (== netcoreapp2.1) (== netstandard2.0) (== netstandard2.1)
      System.Reflection.Extensions (>= 4.3) - restriction: || (&& (== net46) (< net45) (>= netstandard1.6)) (&& (== net462) (< net45) (>= netstandard1.6)) (== net50) (== netcoreapp2.1) (== netstandard2.0) (== netstandard2.1)
      System.Reflection.Primitives (>= 4.3) - restriction: || (&& (== net46) (< net45) (>= netstandard1.6)) (&& (== net462) (< net45) (>= netstandard1.6)) (== net50) (== netcoreapp2.1) (== netstandard2.0) (== netstandard2.1)
      System.Reflection.TypeExtensions (>= 4.3) - restriction: || (&& (== net46) (< net45) (>= netstandard1.6)) (&& (== net462) (< net45) (>= netstandard1.6)) (== net50) (== netcoreapp2.1) (== netstandard2.0) (== netstandard2.1)
      System.Resources.ResourceManager (>= 4.3) - restriction: || (&& (== net46) (< net45) (>= netstandard1.6)) (&& (== net462) (< net45) (>= netstandard1.6)) (== net50) (== netcoreapp2.1) (== netstandard2.0) (== netstandard2.1)
      System.Runtime (>= 4.3) - restriction: || (&& (== net46) (< net45)) (&& (== net462) (< net45)) (== net50) (== netcoreapp2.1) (== netstandard2.0) (== netstandard2.1)
      System.Runtime.Extensions (>= 4.3) - restriction: || (&& (== net46) (< net45) (>= netstandard1.6)) (&& (== net462) (< net45) (>= netstandard1.6)) (== net50) (== netcoreapp2.1) (== netstandard2.0) (== netstandard2.1)
      System.Threading (>= 4.3) - restriction: || (&& (== net46) (< net45) (>= netstandard1.6)) (&& (== net462) (< net45) (>= netstandard1.6)) (== net50) (== netcoreapp2.1) (== netstandard2.0) (== netstandard2.1)
    System.Memory (4.5.4) - restriction: || (&& (== net46) (== net50)) (&& (== net46) (== netcoreapp2.1)) (&& (== net46) (>= net461)) (&& (== net46) (>= netstandard2.0)) (&& (== net46) (>= netstandard2.1)) (== net462) (&& (== net50) (>= net45) (< netstandard1.3)) (&& (== net50) (>= net46)) (&& (== net50) (>= net461)) (&& (== net50) (< netcoreapp2.1) (< netstandard2.1)) (&& (== net50) (< netstandard2.0)) (&& (== net50) (>= uap10.1)) (&& (== netcoreapp2.1) (>= net45) (< netstandard1.3)) (&& (== netcoreapp2.1) (>= net46)) (&& (== netcoreapp2.1) (< netstandard2.0)) (&& (== netcoreapp2.1) (>= uap10.1)) (== netstandard2.0) (== netstandard2.1)
      System.Buffers (>= 4.5.1) - restriction: || (== net46) (== net462) (&& (== net50) (>= monotouch)) (&& (== net50) (>= net461)) (&& (== net50) (< netcoreapp2.0)) (&& (== net50) (< netstandard1.1)) (&& (== net50) (< netstandard2.0)) (&& (== net50) (>= xamarinios)) (&& (== net50) (>= xamarinmac)) (&& (== net50) (>= xamarintvos)) (&& (== net50) (>= xamarinwatchos)) (&& (== netcoreapp2.1) (>= monotouch)) (&& (== netcoreapp2.1) (>= net461)) (&& (== netcoreapp2.1) (< netcoreapp2.0)) (&& (== netcoreapp2.1) (< netstandard1.1)) (&& (== netcoreapp2.1) (< netstandard2.0)) (&& (== netcoreapp2.1) (>= xamarinios)) (&& (== netcoreapp2.1) (>= xamarinmac)) (&& (== netcoreapp2.1) (>= xamarintvos)) (&& (== netcoreapp2.1) (>= xamarinwatchos)) (== netstandard2.0) (== netstandard2.1)
      System.Numerics.Vectors (>= 4.4) - restriction: || (&& (== net46) (< net45) (>= netstandard2.0)) (&& (== net462) (< net45) (>= netstandard2.0)) (&& (== net50) (< netcoreapp2.0)) (&& (== netcoreapp2.1) (< netcoreapp2.0)) (== netstandard2.0) (== netstandard2.1)
      System.Numerics.Vectors (>= 4.5) - restriction: || (&& (== net46) (>= net461)) (== net462) (&& (== net50) (>= net461)) (&& (== netcoreapp2.1) (>= net461)) (&& (== netstandard2.0) (>= net461)) (&& (== netstandard2.1) (>= net461))
      System.Runtime.CompilerServices.Unsafe (>= 4.5.3) - restriction: || (== net46) (== net462) (&& (== net50) (>= monotouch)) (&& (== net50) (>= net461)) (&& (== net50) (< netcoreapp2.0)) (&& (== net50) (< netcoreapp2.1)) (&& (== net50) (< netstandard1.1)) (&& (== net50) (< netstandard2.0)) (&& (== net50) (>= uap10.1)) (&& (== net50) (>= xamarinios)) (&& (== net50) (>= xamarinmac)) (&& (== net50) (>= xamarintvos)) (&& (== net50) (>= xamarinwatchos)) (&& (== netcoreapp2.1) (>= monotouch)) (&& (== netcoreapp2.1) (>= net461)) (&& (== netcoreapp2.1) (< netcoreapp2.0)) (&& (== netcoreapp2.1) (< netstandard1.1)) (&& (== netcoreapp2.1) (< netstandard2.0)) (&& (== netcoreapp2.1) (>= uap10.1)) (&& (== netcoreapp2.1) (>= xamarinios)) (&& (== netcoreapp2.1) (>= xamarinmac)) (&& (== netcoreapp2.1) (>= xamarintvos)) (&& (== netcoreapp2.1) (>= xamarinwatchos)) (== netstandard2.0) (== netstandard2.1)
    System.Numerics.Vectors (4.5) - restriction: || (&& (== net46) (== net50)) (&& (== net46) (== netcoreapp2.1)) (&& (== net46) (< net45) (>= netstandard2.0)) (&& (== net46) (>= net461)) (&& (== net46) (>= netstandard2.1)) (== net462) (&& (== net50) (== netcoreapp2.1) (< netcoreapp2.0)) (&& (== net50) (>= net45) (< netstandard1.3)) (&& (== net50) (>= net46)) (&& (== net50) (>= net461)) (&& (== net50) (< netcoreapp2.0) (< netstandard2.1)) (&& (== net50) (< netstandard2.0)) (&& (== net50) (>= uap10.1)) (&& (== netcoreapp2.1) (>= net45) (< netstandard1.3)) (&& (== netcoreapp2.1) (>= net46)) (&& (== netcoreapp2.1) (>= net461)) (&& (== netcoreapp2.1) (< netstandard2.0)) (&& (== netcoreapp2.1) (>= uap10.1)) (== netstandard2.0) (== netstandard2.1)
    System.ObjectModel (4.3) - restriction: || (&& (== net46) (< net35)) (&& (== net462) (< net35)) (== net50) (== netcoreapp2.1) (== netstandard2.0) (== netstandard2.1)
      System.Collections (>= 4.3) - restriction: || (&& (== net46) (< net45)) (&& (== net462) (< net45)) (== net50) (== netcoreapp2.1) (== netstandard2.0) (== netstandard2.1)
      System.Diagnostics.Debug (>= 4.3) - restriction: || (&& (== net46) (< net45)) (&& (== net462) (< net45)) (== net50) (== netcoreapp2.1) (== netstandard2.0) (== netstandard2.1)
      System.Resources.ResourceManager (>= 4.3) - restriction: || (&& (== net46) (< net45)) (&& (== net462) (< net45)) (== net50) (== netcoreapp2.1) (== netstandard2.0) (== netstandard2.1)
      System.Runtime (>= 4.3) - restriction: || (&& (== net46) (< net45)) (&& (== net462) (< net45)) (== net50) (== netcoreapp2.1) (== netstandard2.0) (== netstandard2.1)
      System.Threading (>= 4.3) - restriction: || (&& (== net46) (< net45)) (&& (== net462) (< net45)) (== net50) (== netcoreapp2.1) (== netstandard2.0) (== netstandard2.1)
    System.Reactive (5.0)
      System.Runtime.InteropServices.WindowsRuntime (>= 4.3) - restriction: || (&& (== net46) (>= netstandard2.0)) (&& (== net462) (>= netstandard2.0)) (&& (== net50) (< netcoreapp3.1)) (== netcoreapp2.1) (== netstandard2.0) (== netstandard2.1)
      System.Threading.Tasks.Extensions (>= 4.5.4) - restriction: || (&& (== net46) (>= net472)) (&& (== net46) (>= netstandard2.0)) (&& (== net46) (>= uap10.1)) (&& (== net462) (>= net472)) (&& (== net462) (>= netstandard2.0)) (&& (== net462) (>= uap10.1)) (&& (== net50) (>= net472)) (&& (== net50) (< netcoreapp3.1)) (&& (== net50) (>= uap10.1)) (== netcoreapp2.1) (== netstandard2.0) (== netstandard2.1)
    System.Reflection (4.3) - restriction: || (&& (== net46) (< net35)) (&& (== net462) (< net35)) (== net50) (== netcoreapp2.1) (== netstandard2.0) (== netstandard2.1)
      Microsoft.NETCore.Platforms (>= 1.1) - restriction: || (&& (== net46) (< net45)) (&& (== net462) (< net45)) (== net50) (== netcoreapp2.1) (== netstandard2.0) (== netstandard2.1)
      Microsoft.NETCore.Targets (>= 1.1) - restriction: || (&& (== net46) (< net45)) (&& (== net462) (< net45)) (== net50) (== netcoreapp2.1) (== netstandard2.0) (== netstandard2.1)
      System.IO (>= 4.3) - restriction: || (&& (== net46) (< net45)) (&& (== net462) (< net45)) (== net50) (== netcoreapp2.1) (== netstandard2.0) (== netstandard2.1)
      System.Reflection.Primitives (>= 4.3) - restriction: || (&& (== net46) (< net45)) (&& (== net462) (< net45)) (== net50) (== netcoreapp2.1) (== netstandard2.0) (== netstandard2.1)
      System.Runtime (>= 4.3) - restriction: || (&& (== net46) (< net45)) (&& (== net462) (< net45)) (== net50) (== netcoreapp2.1) (== netstandard2.0) (== netstandard2.1)
    System.Reflection.Emit (4.3) - restriction: || (&& (== net46) (< net35)) (&& (== net462) (< net35)) (== net50) (== netcoreapp2.1) (== netstandard2.0) (== netstandard2.1)
      System.IO (>= 4.3) - restriction: || (&& (== net46) (< net45)) (&& (== net462) (< net45)) (== net50) (== netcoreapp2.1) (== netstandard2.0) (== netstandard2.1)
      System.Reflection (>= 4.3) - restriction: || (&& (== net46) (< net45)) (&& (== net462) (< net45)) (== net50) (== netcoreapp2.1) (== netstandard2.0) (== netstandard2.1)
      System.Reflection.Emit.ILGeneration (>= 4.3) - restriction: || (&& (== net46) (< net45)) (&& (== net462) (< net45)) (== net50) (== netcoreapp2.1) (== netstandard2.0) (== netstandard2.1)
      System.Reflection.Primitives (>= 4.3) - restriction: || (&& (== net46) (< net45)) (&& (== net462) (< net45)) (== net50) (== netcoreapp2.1) (== netstandard2.0) (== netstandard2.1)
      System.Runtime (>= 4.3) - restriction: || (&& (== net46) (< net45)) (&& (== net462) (< net45)) (== net50) (== netcoreapp2.1) (== netstandard2.0) (== netstandard2.1)
    System.Reflection.Emit.ILGeneration (4.3) - restriction: || (&& (== net46) (< net35)) (&& (== net462) (< net35)) (== net50) (== netcoreapp2.1) (== netstandard2.0) (== netstandard2.1)
      System.Reflection (>= 4.3) - restriction: || (&& (== net46) (< net45)) (&& (== net462) (< net45)) (== net50) (== netcoreapp2.1) (== netstandard2.0) (== netstandard2.1)
      System.Reflection.Primitives (>= 4.3) - restriction: || (&& (== net46) (< net45)) (&& (== net462) (< net45)) (== net50) (== netcoreapp2.1) (== netstandard2.0) (== netstandard2.1)
      System.Runtime (>= 4.3) - restriction: || (&& (== net46) (< net45)) (&& (== net462) (< net45)) (== net50) (== netcoreapp2.1) (== netstandard2.0) (== netstandard2.1)
    System.Reflection.Emit.Lightweight (4.3) - restriction: || (&& (== net46) (< net35) (>= netstandard1.6)) (&& (== net462) (< net35) (>= netstandard1.6)) (== net50) (== netcoreapp2.1) (== netstandard2.0) (== netstandard2.1)
      System.Reflection (>= 4.3) - restriction: || (&& (== net46) (< net45)) (&& (== net462) (< net45)) (== net50) (== netcoreapp2.1) (== netstandard2.0) (== netstandard2.1)
      System.Reflection.Emit.ILGeneration (>= 4.3) - restriction: || (&& (== net46) (< net45)) (&& (== net462) (< net45)) (== net50) (== netcoreapp2.1) (== netstandard2.0) (== netstandard2.1)
      System.Reflection.Primitives (>= 4.3) - restriction: || (&& (== net46) (< net45)) (&& (== net462) (< net45)) (== net50) (== netcoreapp2.1) (== netstandard2.0) (== netstandard2.1)
      System.Runtime (>= 4.3) - restriction: || (&& (== net46) (< net45)) (&& (== net462) (< net45)) (== net50) (== netcoreapp2.1) (== netstandard2.0) (== netstandard2.1)
    System.Reflection.Extensions (4.3) - restriction: || (&& (== net46) (< net35)) (&& (== net462) (< net35)) (== net50) (== netcoreapp2.1) (== netstandard2.0) (== netstandard2.1)
      Microsoft.NETCore.Platforms (>= 1.1) - restriction: || (&& (== net46) (< net45)) (&& (== net462) (< net45)) (== net50) (== netcoreapp2.1) (== netstandard2.0) (== netstandard2.1)
      Microsoft.NETCore.Targets (>= 1.1) - restriction: || (&& (== net46) (< net45)) (&& (== net462) (< net45)) (== net50) (== netcoreapp2.1) (== netstandard2.0) (== netstandard2.1)
      System.Reflection (>= 4.3) - restriction: || (&& (== net46) (< net45)) (&& (== net462) (< net45)) (== net50) (== netcoreapp2.1) (== netstandard2.0) (== netstandard2.1)
      System.Runtime (>= 4.3) - restriction: || (&& (== net46) (< net45)) (&& (== net462) (< net45)) (== net50) (== netcoreapp2.1) (== netstandard2.0) (== netstandard2.1)
    System.Reflection.Metadata (1.6) - restriction: || (&& (== net46) (>= netcoreapp1.0)) (&& (== net462) (>= netcoreapp1.0)) (== net50) (== netcoreapp2.1) (&& (== netstandard2.0) (>= netcoreapp1.0)) (&& (== netstandard2.1) (>= netcoreapp1.0))
    System.Reflection.Primitives (4.3) - restriction: || (&& (== net46) (< net35)) (&& (== net462) (< net35)) (== net50) (== netcoreapp2.1) (== netstandard2.0) (== netstandard2.1)
      Microsoft.NETCore.Platforms (>= 1.1) - restriction: || (&& (== net46) (< net45)) (&& (== net462) (< net45)) (== net50) (== netcoreapp2.1) (== netstandard2.0) (== netstandard2.1)
      Microsoft.NETCore.Targets (>= 1.1) - restriction: || (&& (== net46) (< net45)) (&& (== net462) (< net45)) (== net50) (== netcoreapp2.1) (== netstandard2.0) (== netstandard2.1)
      System.Runtime (>= 4.3) - restriction: || (&& (== net46) (< net45)) (&& (== net462) (< net45)) (== net50) (== netcoreapp2.1) (== netstandard2.0) (== netstandard2.1)
    System.Reflection.TypeExtensions (4.5.1) - restriction: || (&& (== net46) (< net35)) (&& (== net462) (< net35)) (== net50) (== netcoreapp2.1) (== netstandard2.0) (== netstandard2.1)
    System.Resources.ResourceManager (4.3) - restriction: || (&& (== net46) (< net35)) (&& (== net462) (< net35)) (== net50) (== netcoreapp2.1) (== netstandard2.0) (== netstandard2.1)
      Microsoft.NETCore.Platforms (>= 1.1) - restriction: || (&& (== net46) (< net45)) (&& (== net462) (< net45)) (== net50) (== netcoreapp2.1) (== netstandard2.0) (== netstandard2.1)
      Microsoft.NETCore.Targets (>= 1.1) - restriction: || (&& (== net46) (< net45)) (&& (== net462) (< net45)) (== net50) (== netcoreapp2.1) (== netstandard2.0) (== netstandard2.1)
      System.Globalization (>= 4.3) - restriction: || (&& (== net46) (< net45)) (&& (== net462) (< net45)) (== net50) (== netcoreapp2.1) (== netstandard2.0) (== netstandard2.1)
      System.Reflection (>= 4.3) - restriction: || (&& (== net46) (< net45)) (&& (== net462) (< net45)) (== net50) (== netcoreapp2.1) (== netstandard2.0) (== netstandard2.1)
      System.Runtime (>= 4.3) - restriction: || (&& (== net46) (< net45)) (&& (== net462) (< net45)) (== net50) (== netcoreapp2.1) (== netstandard2.0) (== netstandard2.1)
    System.Runtime (4.3.1) - restriction: || (&& (== net46) (< net35)) (&& (== net46) (< net45) (>= netstandard2.0)) (&& (== net462) (< net35)) (&& (== net462) (< net45) (>= netstandard2.0)) (== net50) (== netcoreapp2.1) (== netstandard2.0) (== netstandard2.1)
      Microsoft.NETCore.Platforms (>= 1.1.1) - restriction: || (&& (== net46) (< net45)) (&& (== net462) (< net45)) (== net50) (== netcoreapp2.1) (== netstandard2.0) (== netstandard2.1)
      Microsoft.NETCore.Targets (>= 1.1.3) - restriction: || (&& (== net46) (< net45)) (&& (== net462) (< net45)) (== net50) (== netcoreapp2.1) (== netstandard2.0) (== netstandard2.1)
    System.Runtime.CompilerServices.Unsafe (5.0) - restriction: || (&& (== net46) (== net50)) (&& (== net46) (>= net461)) (&& (== net46) (>= netcoreapp2.0)) (&& (== net46) (>= netcoreapp2.1)) (&& (== net46) (>= netstandard2.0)) (&& (== net46) (>= netstandard2.1)) (&& (== net46) (>= xamarinios)) (&& (== net46) (>= xamarinmac)) (== net462) (&& (== net50) (>= monotouch)) (&& (== net50) (>= net45) (< netstandard1.3)) (&& (== net50) (>= net46)) (&& (== net50) (>= net461)) (&& (== net50) (< netstandard1.0)) (&& (== net50) (< netstandard1.1)) (&& (== net50) (< netstandard2.0)) (&& (== net50) (< netstandard2.1)) (&& (== net50) (>= uap10.1)) (&& (== net50) (>= wp8)) (== netcoreapp2.1) (== netstandard2.0) (== netstandard2.1)
    System.Runtime.Extensions (4.3.1) - restriction: || (&& (== net46) (< net35)) (&& (== net462) (< net35)) (== net50) (== netcoreapp2.1) (== netstandard2.0) (== netstandard2.1)
      Microsoft.NETCore.Platforms (>= 1.1.1) - restriction: || (&& (== net46) (< net45)) (&& (== net462) (< net45)) (== net50) (== netcoreapp2.1) (== netstandard2.0) (== netstandard2.1)
      Microsoft.NETCore.Targets (>= 1.1.3) - restriction: || (&& (== net46) (< net45)) (&& (== net462) (< net45)) (== net50) (== netcoreapp2.1) (== netstandard2.0) (== netstandard2.1)
      System.Runtime (>= 4.3.1) - restriction: || (&& (== net46) (< net45)) (&& (== net462) (< net45)) (== net50) (== netcoreapp2.1) (== netstandard2.0) (== netstandard2.1)
    System.Runtime.Handles (4.3) - restriction: || (&& (== net46) (< net35)) (&& (== net46) (>= netcoreapp1.1)) (&& (== net462) (< net35)) (&& (== net462) (>= netcoreapp1.1)) (== net50) (== netcoreapp2.1) (== netstandard2.0) (== netstandard2.1)
      Microsoft.NETCore.Platforms (>= 1.1) - restriction: || (&& (== net462) (< net46)) (== net50) (== netcoreapp2.1) (== netstandard2.0) (== netstandard2.1)
      Microsoft.NETCore.Targets (>= 1.1) - restriction: || (&& (== net462) (< net46)) (== net50) (== netcoreapp2.1) (== netstandard2.0) (== netstandard2.1)
      System.Runtime (>= 4.3) - restriction: || (&& (== net462) (< net46)) (== net50) (== netcoreapp2.1) (== netstandard2.0) (== netstandard2.1)
    System.Runtime.InteropServices (4.3) - restriction: || (&& (== net46) (< net35)) (&& (== net462) (< net35)) (== net50) (== netcoreapp2.1) (== netstandard2.0) (== netstandard2.1)
      Microsoft.NETCore.Platforms (>= 1.1) - restriction: || (&& (== net46) (< net45)) (&& (== net46) (>= netcoreapp1.1)) (&& (== net462) (< net45)) (&& (== net462) (>= netcoreapp1.1)) (== net50) (== netcoreapp2.1) (== netstandard2.0) (== netstandard2.1)
      Microsoft.NETCore.Targets (>= 1.1) - restriction: || (&& (== net46) (< net45)) (&& (== net46) (>= netcoreapp1.1)) (&& (== net462) (< net45)) (&& (== net462) (>= netcoreapp1.1)) (== net50) (== netcoreapp2.1) (== netstandard2.0) (== netstandard2.1)
      System.Reflection (>= 4.3) - restriction: || (&& (== net46) (< net45)) (&& (== net46) (>= netcoreapp1.1)) (&& (== net462) (< net45)) (&& (== net462) (>= netcoreapp1.1)) (== net50) (== netcoreapp2.1) (== netstandard2.0) (== netstandard2.1)
      System.Reflection.Primitives (>= 4.3) - restriction: || (&& (== net46) (< net45)) (&& (== net46) (>= netcoreapp1.1)) (&& (== net462) (< net45)) (&& (== net462) (>= netcoreapp1.1)) (== net50) (== netcoreapp2.1) (== netstandard2.0) (== netstandard2.1)
      System.Runtime (>= 4.3) - restriction: || (&& (== net46) (< net45)) (&& (== net46) (>= net462)) (&& (== net46) (>= netcoreapp1.1)) (== net462) (== net50) (== netcoreapp2.1) (== netstandard2.0) (== netstandard2.1)
      System.Runtime.Handles (>= 4.3) - restriction: || (&& (== net46) (< net45)) (&& (== net46) (>= netcoreapp1.1)) (&& (== net462) (< net45)) (&& (== net462) (>= netcoreapp1.1)) (== net50) (== netcoreapp2.1) (== netstandard2.0) (== netstandard2.1)
    System.Runtime.InteropServices.WindowsRuntime (4.3) - restriction: || (&& (== net46) (== net50)) (&& (== net46) (>= netstandard2.0)) (&& (== net462) (== net50)) (&& (== net462) (>= netstandard2.0)) (&& (== net50) (< netcoreapp3.1)) (== netcoreapp2.1) (== netstandard2.0) (== netstandard2.1)
      System.Runtime (>= 4.3) - restriction: || (&& (== net46) (< net45)) (&& (== net462) (< net45)) (== net50) (== netcoreapp2.1) (== netstandard2.0) (== netstandard2.1)
    System.Text.Encoding (4.3) - restriction: || (&& (== net46) (< net35)) (&& (== net462) (< net35)) (== net50) (== netcoreapp2.1) (== netstandard2.0) (== netstandard2.1)
      Microsoft.NETCore.Platforms (>= 1.1) - restriction: || (&& (== net46) (< net45)) (&& (== net462) (< net45)) (== net50) (== netcoreapp2.1) (== netstandard2.0) (== netstandard2.1)
      Microsoft.NETCore.Targets (>= 1.1) - restriction: || (&& (== net46) (< net45)) (&& (== net462) (< net45)) (== net50) (== netcoreapp2.1) (== netstandard2.0) (== netstandard2.1)
      System.Runtime (>= 4.3) - restriction: || (&& (== net46) (< net45)) (&& (== net462) (< net45)) (== net50) (== netcoreapp2.1) (== netstandard2.0) (== netstandard2.1)
    System.Text.Encoding.Extensions (4.3) - restriction: || (&& (== net46) (< net35)) (&& (== net462) (< net35)) (== net50) (== netcoreapp2.1) (== netstandard2.0) (== netstandard2.1)
      Microsoft.NETCore.Platforms (>= 1.1) - restriction: || (&& (== net46) (< net45)) (&& (== net462) (< net45)) (== net50) (== netcoreapp2.1) (== netstandard2.0) (== netstandard2.1)
      Microsoft.NETCore.Targets (>= 1.1) - restriction: || (&& (== net46) (< net45)) (&& (== net462) (< net45)) (== net50) (== netcoreapp2.1) (== netstandard2.0) (== netstandard2.1)
      System.Runtime (>= 4.3) - restriction: || (&& (== net46) (< net45)) (&& (== net462) (< net45)) (== net50) (== netcoreapp2.1) (== netstandard2.0) (== netstandard2.1)
      System.Text.Encoding (>= 4.3) - restriction: || (&& (== net46) (< net45)) (&& (== net462) (< net45)) (== net50) (== netcoreapp2.1) (== netstandard2.0) (== netstandard2.1)
    System.Text.RegularExpressions (4.3) - restriction: || (&& (== net46) (< net35)) (&& (== net462) (< net35)) (== net50) (== netcoreapp2.1) (== netstandard2.0) (== netstandard2.1)
      System.Collections (>= 4.3) - restriction: || (&& (== net46) (< net45) (>= netstandard1.6)) (&& (== net462) (< net45) (>= netstandard1.6)) (&& (== net50) (< netcoreapp1.1)) (&& (== netcoreapp2.1) (< netcoreapp1.1)) (== netstandard2.0) (== netstandard2.1)
      System.Globalization (>= 4.3) - restriction: || (&& (== net46) (< net45) (>= netstandard1.6)) (&& (== net462) (< net45) (>= netstandard1.6)) (&& (== net50) (< netcoreapp1.1)) (&& (== netcoreapp2.1) (< netcoreapp1.1)) (== netstandard2.0) (== netstandard2.1)
      System.Resources.ResourceManager (>= 4.3) - restriction: || (&& (== net46) (< net45) (>= netstandard1.6)) (&& (== net462) (< net45) (>= netstandard1.6)) (&& (== net50) (< netcoreapp1.1)) (&& (== netcoreapp2.1) (< netcoreapp1.1)) (== netstandard2.0) (== netstandard2.1)
      System.Runtime (>= 4.3) - restriction: || (&& (== net46) (< net45)) (&& (== net46) (>= netcoreapp1.1)) (&& (== net462) (< net45)) (&& (== net462) (>= netcoreapp1.1)) (== net50) (== netcoreapp2.1) (== netstandard2.0) (== netstandard2.1)
      System.Runtime.Extensions (>= 4.3) - restriction: || (&& (== net46) (< net45) (>= netstandard1.6)) (&& (== net462) (< net45) (>= netstandard1.6)) (&& (== net50) (< netcoreapp1.1)) (&& (== netcoreapp2.1) (< netcoreapp1.1)) (== netstandard2.0) (== netstandard2.1)
      System.Threading (>= 4.3) - restriction: || (&& (== net46) (< net45) (>= netstandard1.6)) (&& (== net462) (< net45) (>= netstandard1.6)) (&& (== net50) (< netcoreapp1.1)) (&& (== netcoreapp2.1) (< netcoreapp1.1)) (== netstandard2.0) (== netstandard2.1)
    System.Threading (4.3) - restriction: || (&& (== net46) (< net35)) (&& (== net462) (< net35)) (== net50) (== netcoreapp2.1) (== netstandard2.0) (== netstandard2.1)
      System.Runtime (>= 4.3) - restriction: || (&& (== net46) (< net45)) (&& (== net462) (< net45)) (== net50) (== netcoreapp2.1) (== netstandard2.0) (== netstandard2.1)
      System.Threading.Tasks (>= 4.3) - restriction: || (&& (== net46) (< net45)) (&& (== net462) (< net45)) (== net50) (== netcoreapp2.1) (== netstandard2.0) (== netstandard2.1)
    System.Threading.Tasks (4.3) - restriction: || (&& (== net46) (< net35)) (&& (== net462) (< net35)) (== net50) (== netcoreapp2.1) (== netstandard2.0) (== netstandard2.1)
      Microsoft.NETCore.Platforms (>= 1.1) - restriction: || (&& (== net46) (< net45)) (&& (== net462) (< net45)) (== net50) (== netcoreapp2.1) (== netstandard2.0) (== netstandard2.1)
      Microsoft.NETCore.Targets (>= 1.1) - restriction: || (&& (== net46) (< net45)) (&& (== net462) (< net45)) (== net50) (== netcoreapp2.1) (== netstandard2.0) (== netstandard2.1)
      System.Runtime (>= 4.3) - restriction: || (&& (== net46) (< net45)) (&& (== net462) (< net45)) (== net50) (== netcoreapp2.1) (== netstandard2.0) (== netstandard2.1)
    System.Threading.Tasks.Extensions (4.5.4) - restriction: || (&& (== net46) (< net35)) (&& (== net46) (>= net461)) (&& (== net46) (>= net472)) (&& (== net46) (>= netstandard2.0)) (&& (== net46) (>= uap10.1)) (== net462) (== net50) (== netcoreapp2.1) (== netstandard2.0) (== netstandard2.1)
      System.Runtime.CompilerServices.Unsafe (>= 4.5.3) - restriction: || (== net46) (== net462) (&& (== net50) (>= net461)) (&& (== net50) (< netcoreapp2.1)) (&& (== net50) (< netstandard1.0)) (&& (== net50) (< netstandard2.0)) (&& (== net50) (>= wp8)) (&& (== netcoreapp2.1) (>= net461)) (&& (== netcoreapp2.1) (< netstandard1.0)) (&& (== netcoreapp2.1) (< netstandard2.0)) (&& (== netcoreapp2.1) (>= wp8)) (== netstandard2.0) (== netstandard2.1)
    System.ValueTuple (4.5) - restriction: || (&& (== net46) (>= net461)) (== net462) (&& (== net50) (>= net461)) (&& (== netcoreapp2.1) (>= net461)) (&& (== netstandard2.0) (>= net461)) (&& (== netstandard2.1) (>= net461))
    System.Xml.ReaderWriter (4.3.1) - restriction: || (&& (== net46) (< net35)) (&& (== net462) (< net35)) (== net50) (== netcoreapp2.1) (== netstandard2.0) (== netstandard2.1)
      System.Collections (>= 4.3) - restriction: || (&& (== net46) (< net45)) (&& (== net462) (< net45)) (== net50) (== netcoreapp2.1) (== netstandard2.0) (== netstandard2.1)
      System.Diagnostics.Debug (>= 4.3) - restriction: || (&& (== net46) (< net45)) (&& (== net462) (< net45)) (== net50) (== netcoreapp2.1) (== netstandard2.0) (== netstandard2.1)
      System.Globalization (>= 4.3) - restriction: || (&& (== net46) (< net45)) (&& (== net462) (< net45)) (== net50) (== netcoreapp2.1) (== netstandard2.0) (== netstandard2.1)
      System.IO (>= 4.3) - restriction: || (&& (== net46) (< net45)) (&& (== net462) (< net45)) (== net50) (== netcoreapp2.1) (== netstandard2.0) (== netstandard2.1)
      System.IO.FileSystem (>= 4.3) - restriction: || (&& (== net46) (< net45)) (&& (== net462) (< net45)) (== net50) (== netcoreapp2.1) (== netstandard2.0) (== netstandard2.1)
      System.IO.FileSystem.Primitives (>= 4.3) - restriction: || (&& (== net46) (< net45)) (&& (== net462) (< net45)) (== net50) (== netcoreapp2.1) (== netstandard2.0) (== netstandard2.1)
      System.Resources.ResourceManager (>= 4.3) - restriction: || (&& (== net46) (< net45)) (&& (== net462) (< net45)) (== net50) (== netcoreapp2.1) (== netstandard2.0) (== netstandard2.1)
      System.Runtime (>= 4.3) - restriction: || (&& (== net46) (< net45)) (&& (== net462) (< net45)) (== net50) (== netcoreapp2.1) (== netstandard2.0) (== netstandard2.1)
      System.Runtime.Extensions (>= 4.3) - restriction: || (&& (== net46) (< net45)) (&& (== net462) (< net45)) (== net50) (== netcoreapp2.1) (== netstandard2.0) (== netstandard2.1)
      System.Runtime.InteropServices (>= 4.3) - restriction: || (&& (== net46) (< net45)) (&& (== net462) (< net45)) (== net50) (== netcoreapp2.1) (== netstandard2.0) (== netstandard2.1)
      System.Text.Encoding (>= 4.3) - restriction: || (&& (== net46) (< net45)) (&& (== net462) (< net45)) (== net50) (== netcoreapp2.1) (== netstandard2.0) (== netstandard2.1)
      System.Text.Encoding.Extensions (>= 4.3) - restriction: || (&& (== net46) (< net45)) (&& (== net462) (< net45)) (== net50) (== netcoreapp2.1) (== netstandard2.0) (== netstandard2.1)
      System.Text.RegularExpressions (>= 4.3) - restriction: || (&& (== net46) (< net45)) (&& (== net462) (< net45)) (== net50) (== netcoreapp2.1) (== netstandard2.0) (== netstandard2.1)
      System.Threading.Tasks (>= 4.3) - restriction: || (&& (== net46) (< net45)) (&& (== net462) (< net45)) (== net50) (== netcoreapp2.1) (== netstandard2.0) (== netstandard2.1)
      System.Threading.Tasks.Extensions (>= 4.3) - restriction: || (&& (== net46) (< net45)) (&& (== net462) (< net45)) (== net50) (== netcoreapp2.1) (== netstandard2.0) (== netstandard2.1)
    System.Xml.XmlDocument (4.3) - restriction: || (&& (== net46) (< net35)) (&& (== net462) (< net35)) (== net50) (== netcoreapp2.1) (== netstandard2.0) (== netstandard2.1)
      System.Collections (>= 4.3) - restriction: || (&& (== net462) (< net46)) (== net50) (== netcoreapp2.1) (== netstandard2.0) (== netstandard2.1)
      System.Diagnostics.Debug (>= 4.3) - restriction: || (&& (== net462) (< net46)) (== net50) (== netcoreapp2.1) (== netstandard2.0) (== netstandard2.1)
      System.Globalization (>= 4.3) - restriction: || (&& (== net462) (< net46)) (== net50) (== netcoreapp2.1) (== netstandard2.0) (== netstandard2.1)
      System.IO (>= 4.3) - restriction: || (&& (== net462) (< net46)) (== net50) (== netcoreapp2.1) (== netstandard2.0) (== netstandard2.1)
      System.Resources.ResourceManager (>= 4.3) - restriction: || (&& (== net462) (< net46)) (== net50) (== netcoreapp2.1) (== netstandard2.0) (== netstandard2.1)
      System.Runtime (>= 4.3) - restriction: || (&& (== net462) (< net46)) (== net50) (== netcoreapp2.1) (== netstandard2.0) (== netstandard2.1)
      System.Runtime.Extensions (>= 4.3) - restriction: || (&& (== net462) (< net46)) (== net50) (== netcoreapp2.1) (== netstandard2.0) (== netstandard2.1)
      System.Text.Encoding (>= 4.3) - restriction: || (&& (== net462) (< net46)) (== net50) (== netcoreapp2.1) (== netstandard2.0) (== netstandard2.1)
      System.Threading (>= 4.3) - restriction: || (&& (== net462) (< net46)) (== net50) (== netcoreapp2.1) (== netstandard2.0) (== netstandard2.1)
      System.Xml.ReaderWriter (>= 4.3) - restriction: || (&& (== net462) (< net46)) (== net50) (== netcoreapp2.1) (== netstandard2.0) (== netstandard2.1)
    xunit (2.4.1)
      xunit.analyzers (>= 0.10)
      xunit.assert (2.4.1)
      xunit.core (2.4.1)
    xunit.abstractions (2.0.3)
    xunit.analyzers (0.10)
    xunit.assert (2.4.1)
      NETStandard.Library (>= 1.6.1) - restriction: || (&& (== net46) (< net452)) (&& (== net462) (< net452)) (== net50) (== netcoreapp2.1) (== netstandard2.0) (== netstandard2.1)
    xunit.core (2.4.1)
      xunit.extensibility.core (2.4.1)
      xunit.extensibility.execution (2.4.1)
    xunit.extensibility.core (2.4.1)
      NETStandard.Library (>= 1.6.1) - restriction: || (&& (== net46) (< net452)) (&& (== net462) (< net452)) (== net50) (== netcoreapp2.1) (== netstandard2.0) (== netstandard2.1)
      xunit.abstractions (>= 2.0.3)
    xunit.extensibility.execution (2.4.1)
      NETStandard.Library (>= 1.6.1) - restriction: || (&& (== net46) (< net452)) (&& (== net462) (< net452)) (== net50) (== netcoreapp2.1) (== netstandard2.0) (== netstandard2.1)
      xunit.extensibility.core (2.4.1)
    xunit.runner.visualstudio (2.4.3)
